PATH
  remote: .
  specs:
    pg_sequencer (0.0.1)
      activerecord (>= 3.0.0)

GEM
  remote: http://rubygems.org/
  specs:
    activemodel (3.1.0)
      activesupport (= 3.1.0)
      bcrypt-ruby (~> 3.0.0)
      builder (~> 3.0.0)
      i18n (~> 0.6)
    activerecord (3.1.0)
      activemodel (= 3.1.0)
      activesupport (= 3.1.0)
      arel (~> 2.2.1)
      tzinfo (~> 0.3.29)
    activesupport (3.1.0)
      multi_json (~> 1.0)
    arel (2.2.1)
    bcrypt-ruby (3.0.1)
    builder (3.0.0)
    guard (0.7.0)
      thor (~> 0.14.6)
    guard-test (0.3.1)
      guard (>= 0.4.0)
      test-unit (~> 2.3.1)
    i18n (0.6.0)
    multi_json (1.0.3)
    pg (0.11.0)
    shoulda-context (1.0.0.beta1)
    test-unit (2.3.2)
    thor (0.14.6)
    tzinfo (0.3.29)

PLATFORMS
  ruby

DEPENDENCIES
  activerecord (>= 3.1.0)
  guard
  guard-test
  pg (= 0.11.0)
  pg_sequencer!
  shoulda-context
